GEM
  remote: https://rubygems.org/
  specs:
    narray (0.6.1.2)
    rack (1.6.4)
    rack-protection (1.5.3)
      rack
    ruby-lapack (1.7.2)
      narray
    sinatra (1.4.7)
      rack (~> 1.5)
      rack-protection (~> 1.4)
      tilt (>= 1.3, < 3)
    tilt (2.0.5)

PLATFORMS
  ruby

DEPENDENCIES
  ruby-lapack
  sinatra

BUNDLED WITH
   1.11.2
